GEM
  remote: https://rubygems.org/
  specs:
    hiredis (0.6.1)
    minitest (5.11.3)
    mustermann (1.0.1)
    rack (2.0.4)
    rack-protection (2.0.0)
      rack
    rake (12.3.0)
    redis (4.0.1)
    sinatra (2.0.0)
      mustermann (~> 1.0)
      rack (~> 2.0)
      rack-protection (= 2.0.0)
      tilt (~> 2.0)
    tilt (2.0.8)
    yajl-ruby (1.3.1)

PLATFORMS
  ruby

DEPENDENCIES
  hiredis
  minitest
  rake
  redis
  sinatra
  yajl-ruby

BUNDLED WITH
   1.16.1
