GEM
  remote: https://rubygems.org/
  specs:
    bundler-audit (0.6.1)
      bundler (>= 1.2.0, < 3)
      thor (~> 0.18)
    byebug (11.0.1)
    cvss (0.99.0)
    dawnscanner (1.6.9)
      cvss
      haml
      justify
      logger-colors
      ptools
      ruby_parser
      sqlite3
      sys-uname
      terminal-table
    ffi (1.11.2)
    haml (5.1.2)
      temple (>= 0.8.0)
      tilt
    justify (1.0.2)
    logger-colors (1.0.0)
    minitest (5.13.0)
    mustermann (1.0.3)
    ptools (1.3.5)
    rack (2.0.7)
    rack-cors (1.0.6)
      rack (>= 1.6.0)
    rack-protection (2.0.7)
      rack
    rack-test (1.1.0)
      rack (>= 1.0, < 3)
    rake (13.0.1)
    ruby_parser (3.14.1)
      sexp_processor (~> 4.9)
    sexp_processor (4.13.0)
    sinatra (2.0.7)
      mustermann (~> 1.0)
      rack (~> 2.0)
      rack-protection (= 2.0.7)
      tilt (~> 2.0)
    sqlite3 (1.4.1)
    sys-uname (1.1.0)
      ffi (>= 1.0.0)
    temple (0.8.2)
    terminal-table (1.8.0)
      unicode-display_width (~> 1.1, >= 1.1.1)
    thor (0.20.3)
    tilt (2.0.10)
    unicode-display_width (1.6.0)
    yajl-ruby (1.4.1)

PLATFORMS
  ruby

DEPENDENCIES
  bundler-audit
  byebug
  dawnscanner
  minitest
  rack-cors (~> 1.0.5)
  rack-test
  rake
  sinatra (~> 2.0.2)
  yajl-ruby

BUNDLED WITH
   1.17.1
