GEM
  remote: https://rubygems.org/
  specs:
    addressable (2.5.2)
      public_suffix (>= 2.0.2, < 4.0)
    bcrypt (3.1.11)
    bcrypt-ruby (3.1.5)
      bcrypt (>= 3.1.3)
    bundler-audit (0.6.0)
      bundler (~> 1.2)
      thor (~> 0.18)
    byebug (10.0.0)
    cvss (0.99.0)
    data_mapper (1.2.0)
      dm-aggregates (~> 1.2.0)
      dm-constraints (~> 1.2.0)
      dm-core (~> 1.2.0)
      dm-migrations (~> 1.2.0)
      dm-serializer (~> 1.2.0)
      dm-timestamps (~> 1.2.0)
      dm-transactions (~> 1.2.0)
      dm-types (~> 1.2.0)
      dm-validations (~> 1.2.0)
    data_objects (0.10.17)
      addressable (~> 2.1)
    dawnscanner (1.6.8)
      cvss
      data_mapper
      dm-sqlite-adapter
      haml
      justify
      logger-colors
      ptools
      ruby_parser
      sqlite3
      sys-uname
      terminal-table
    dm-aggregates (1.2.0)
      dm-core (~> 1.2.0)
    dm-constraints (1.2.0)
      dm-core (~> 1.2.0)
    dm-core (1.2.1)
      addressable (~> 2.3)
    dm-do-adapter (1.2.0)
      data_objects (~> 0.10.6)
      dm-core (~> 1.2.0)
    dm-migrations (1.2.0)
      dm-core (~> 1.2.0)
    dm-serializer (1.2.2)
      dm-core (~> 1.2.0)
      fastercsv (~> 1.5)
      json (~> 1.6)
      json_pure (~> 1.6)
      multi_json (~> 1.0)
    dm-sqlite-adapter (1.2.0)
      dm-do-adapter (~> 1.2.0)
      do_sqlite3 (~> 0.10.6)
    dm-timestamps (1.2.0)
      dm-core (~> 1.2.0)
    dm-transactions (1.2.0)
      dm-core (~> 1.2.0)
    dm-types (1.2.2)
      bcrypt-ruby (~> 3.0)
      dm-core (~> 1.2.0)
      fastercsv (~> 1.5)
      json (~> 1.6)
      multi_json (~> 1.0)
      stringex (~> 1.4)
      uuidtools (~> 2.1)
    dm-validations (1.2.0)
      dm-core (~> 1.2.0)
    do_sqlite3 (0.10.17)
      data_objects (= 0.10.17)
    fastercsv (1.5.5)
    ffi (1.9.25)
    haml (5.0.4)
      temple (>= 0.8.0)
      tilt
    json (1.8.6)
    json_pure (1.8.6)
    justify (1.0.2)
    logger-colors (1.0.0)
    minitest (5.11.3)
    multi_json (1.13.1)
    mustermann (1.0.3)
    ptools (1.3.5)
    public_suffix (3.0.2)
    rack (2.0.6)
    rack-cors (1.0.2)
    rack-protection (2.0.4)
      rack
    rack-test (0.8.2)
      rack (>= 1.0, < 3)
    rake (12.3.0)
    ruby_parser (3.11.0)
      sexp_processor (~> 4.9)
    sexp_processor (4.10.1)
    sinatra (2.0.4)
      mustermann (~> 1.0)
      rack (~> 2.0)
      rack-protection (= 2.0.4)
      tilt (~> 2.0)
    sqlite3 (1.3.13)
    stringex (1.5.1)
    sys-uname (1.0.3)
      ffi (>= 1.0.0)
    temple (0.8.0)
    terminal-table (1.8.0)
      unicode-display_width (~> 1.1, >= 1.1.1)
    thor (0.20.0)
    tilt (2.0.8)
    unicode-display_width (1.3.0)
    uuidtools (2.1.5)
    yajl-ruby (1.3.1)

PLATFORMS
  ruby

DEPENDENCIES
  bundler-audit
  byebug
  dawnscanner
  minitest
  rack-cors
  rack-test
  rake
  sinatra (~> 2.0.2)
  yajl-ruby

BUNDLED WITH
   1.17.1
