GEM
  remote: https://rubygems.org/
  specs:
    byebug (10.0.0)
    hiredis (0.6.1)
    minitest (5.11.3)
    mustermann (1.0.1)
    rack (2.0.4)
    rack-cors (1.0.2)
    rack-protection (2.0.0)
      rack
    rack-test (0.8.2)
      rack (>= 1.0, < 3)
    rake (12.3.0)
    redis (4.0.1)
    sinatra (2.0.0)
      mustermann (~> 1.0)
      rack (~> 2.0)
      rack-protection (= 2.0.0)
      tilt (~> 2.0)
    tilt (2.0.8)
    yajl-ruby (1.3.1)

PLATFORMS
  ruby

DEPENDENCIES
  byebug
  hiredis
  minitest
  rack-cors
  rack-test
  rake
  redis
  sinatra
  yajl-ruby

BUNDLED WITH
   1.16.1
